GEM
  remote: http://rubygems.org/
  specs:
    coderay (1.0.6)
    diff-lcs (1.1.3)
    git (1.2.5)
    jeweler (1.6.4)
      bundler (~> 1.0)
      git (>= 1.2.5)
      rake
    method_source (0.7.1)
    mocha (0.9.12)
    pry (0.9.8.4)
      coderay (~> 1.0.5)
      method_source (~> 0.7.1)
      slop (>= 2.4.4, < 3)
    rake (0.9.2)
    rcov (0.9.10)
    rspec (2.4.0)
      rspec-core (~> 2.4.0)
      rspec-expectations (~> 2.4.0)
      rspec-mocks (~> 2.4.0)
    rspec-core (2.4.0)
    rspec-expectations (2.4.0)
      diff-lcs (~> 1.1.2)
    rspec-mocks (2.4.0)
    slop (2.4.4)

PLATFORMS
  ruby

DEPENDENCIES
  bundler (~> 1.2.2)
  jeweler (~> 1.6.4)
  mocha (~> 0.9.10)
  pry
  rcov
  rspec (~> 2.4.0)
